GEM
  remote: https://rubygems.org/
  specs:
    cloud_events (0.4.0)
    functions_framework (0.10.0)
      cloud_events (>= 0.4, < 2.a)
      puma (>= 4.3.0, < 6.a)
      rack (~> 2.1)
    httparty (0.18.1)
      mime-types (~> 3.0)
      multi_xml (>= 0.5.2)
    mime-types (3.3.1)
      mime-types-data (~> 3.2015)
    mime-types-data (3.2021.0225)
    multi_xml (0.6.0)
    nio4r (2.5.7)
    puma (5.3.2)
      nio4r (~> 2.0)
    rack (2.2.3)

PLATFORMS
  x86_64-linux

DEPENDENCIES
  functions_framework (~> 0.5)
  httparty (~> 0.13)

BUNDLED WITH
   2.2.27
